GEM
  remote: https://rubygems.org/
  specs:
    axiom-types (0.1.1)
      descendants_tracker (~> 0.0.4)
      ice_nine (~> 0.11.0)
      thread_safe (~> 0.3, >= 0.3.1)
    bson (4.3.0)
    coercible (1.0.0)
      descendants_tracker (~> 0.0.1)
    daemons (1.2.6)
    descendants_tracker (0.0.4)
      thread_safe (~> 0.3, >= 0.3.1)
    dotenv (2.4.0)
    equalizer (0.0.11)
    faraday (0.15.0)
      multipart-post (>= 1.2, < 3)
    ice_nine (0.11.2)
    inflecto (0.0.2)
    json (2.1.0)
    mini_portile2 (2.3.0)
    mongo (2.5.1)
      bson (>= 4.3.0, < 5.0.0)
    multipart-post (2.0.0)
    nokogiri (1.8.2)
      mini_portile2 (~> 2.3.0)
    telegram-bot-ruby (0.8.6.1)
      faraday
      inflecto
      virtus
    thread_safe (0.3.6)
    virtus (1.0.5)
      axiom-types (~> 0.1)
      coercible (~> 1.0)
      descendants_tracker (~> 0.0, >= 0.0.3)
      equalizer (~> 0.0, >= 0.0.9)

PLATFORMS
  ruby

DEPENDENCIES
  daemons!
  dotenv!
  json!
  mongo!
  nokogiri!
  telegram-bot-ruby (~> 0.8.6.1)!

RUBY VERSION
   ruby 2.4.2p198

BUNDLED WITH
   1.16.1
